PATH
  remote: .
  specs:
    grape (0.1.4)
      multi_json
      multi_xml
      rack
      rack-jsonp
      rack-mount

GEM
  remote: http://rubygems.org/
  specs:
    ZenTest (4.5.0)
    diff-lcs (1.1.2)
    json_pure (1.4.3)
    maruku (0.6.0)
      syntax (>= 1.0.0)
    multi_json (0.0.5)
    multi_xml (0.2.2)
    rack (1.2.1)
    rack-jsonp (1.1.0)
      rack
    rack-mount (0.7.1)
      rack (>= 1.0.0)
    rack-test (0.5.4)
      rack (>= 1.0)
    rake (0.9.0)
    rspec (2.6.0)
      rspec-core (~> 2.6.0)
      rspec-expectations (~> 2.6.0)
      rspec-mocks (~> 2.6.0)
    rspec-core (2.6.0)
    rspec-expectations (2.6.0)
      diff-lcs (~> 1.1.2)
    rspec-mocks (2.6.0)
    syntax (1.0.0)
    yard (0.6.1)

PLATFORMS
  ruby

DEPENDENCIES
  ZenTest
  bundler
  grape!
  json_pure
  maruku
  rack-test
  rake
  rspec (~> 2.6.0)
  yard
